GEM
  remote: https://rubygems.org/
  specs:
    git (1.3.0)
    meetup_client (0.1.0)

PLATFORMS
  ruby

DEPENDENCIES
  git
  meetup_client
