GEM
  remote: https://rubygems.org/
  specs:
    erubis (2.7.0)
    git (1.3.0)
    meetup_client (0.1.0)

PLATFORMS
  ruby

DEPENDENCIES
  erubis
  git
  meetup_client
